GEM
  remote: https://rubygems.org/
  specs:
    aws-eventstream (1.2.0)
    aws-sdk (2.11.632)
      aws-sdk-resources (= 2.11.632)
    aws-sdk-core (2.11.632)
      aws-sigv4 (~> 1.0)
      jmespath (~> 1.0)
    aws-sdk-resources (2.11.632)
      aws-sdk-core (= 2.11.632)
    aws-sigv4 (1.5.0)
      aws-eventstream (~> 1, >= 1.0.2)
    cloudformation-ruby-dsl (1.3.2)
      aws-sdk (>= 2.5.1)
      bundler
      detabulator
      diffy
      highline
      json
      rake
    detabulator (0.1.0)
    diffy (3.4.0)
    highline (2.0.3)
    jmespath (1.6.1)
    json (2.6.2)
    rake (13.0.6)

PLATFORMS
  ruby

DEPENDENCIES
  aws-sdk (= 2.11.632)
  cloudformation-ruby-dsl (= 1.3.2)

BUNDLED WITH
   2.1.4
